GEM
  remote: https://rubygems.org/
  specs:
    activesupport (5.2.2)
      concurrent-ruby (~> 1.0, >= 1.0.2)
      i18n (>= 0.7, < 2)
      minitest (~> 5.1)
      tzinfo (~> 1.1)
    concurrent-ruby (1.1.4)
    i18n (1.5.3)
      concurrent-ruby (~> 1.0)
    minitest (5.11.3)
    rubywmq (2.1.1)
    thread_safe (0.3.6)
    tzinfo (1.2.5)
      thread_safe (~> 0.1)

PLATFORMS
  ruby

DEPENDENCIES
  activesupport
  rubywmq

RUBY VERSION
   ruby 2.3.1p112

BUNDLED WITH
   1.16.2
